PATH
  remote: .
  specs:
    3pl_central (0.0.1)
      savon (~> 2.7)

GEM
  remote: https://rubygems.org/
  specs:
    akami (1.2.2)
      gyoku (>= 0.4.0)
      nokogiri
    builder (3.2.2)
    coderay (1.1.0)
    diff-lcs (1.2.5)
    ffi (1.9.6)
    formatador (0.2.5)
    growl (1.0.3)
    guard (1.8.3)
      formatador (>= 0.2.4)
      listen (~> 1.3)
      lumberjack (>= 1.0.2)
      pry (>= 0.9.10)
      thor (>= 0.14.6)
    guard-bundler (1.0.0)
      bundler (~> 1.0)
      guard (~> 1.1)
    guard-rspec (1.1.0)
      guard (>= 1.1)
    guard-yard (2.0.1)
      guard (>= 1.1.0)
      yard (>= 0.7.0)
    gyoku (1.1.1)
      builder (>= 2.1.2)
    httpi (2.2.7)
      rack
    listen (1.3.1)
      rb-fsevent (>= 0.9.3)
      rb-inotify (>= 0.9)
      rb-kqueue (>= 0.2)
    lumberjack (1.0.9)
    macaddr (1.7.1)
      systemu (~> 2.6.2)
    method_source (0.8.2)
    mini_portile (0.6.1)
    nokogiri (1.6.4.1)
      mini_portile (~> 0.6.0)
    nori (2.4.0)
    pry (0.10.1)
      coderay (~> 1.1.0)
      method_source (~> 0.8.1)
      slop (~> 3.4)
    rack (1.5.2)
    rake (10.3.2)
    rb-fsevent (0.9.4)
    rb-inotify (0.9.5)
      ffi (>= 0.5.0)
    rb-kqueue (0.2.3)
      ffi (>= 0.5.0)
    rspec (3.1.0)
      rspec-core (~> 3.1.0)
      rspec-expectations (~> 3.1.0)
      rspec-mocks (~> 3.1.0)
    rspec-core (3.1.7)
      rspec-support (~> 3.1.0)
    rspec-expectations (3.1.2)
      diff-lcs (>= 1.2.0, < 2.0)
      rspec-support (~> 3.1.0)
    rspec-mocks (3.1.3)
      rspec-support (~> 3.1.0)
    rspec-support (3.1.2)
    savon (2.7.2)
      akami (~> 1.2.0)
      builder (>= 2.1.2)
      gyoku (~> 1.1.0)
      httpi (~> 2.2.3)
      nokogiri (>= 1.4.0)
      nori (~> 2.4.0)
      uuid (~> 2.3.7)
      wasabi (~> 3.3.0)
    slop (3.6.0)
    systemu (2.6.4)
    thor (0.19.1)
    uuid (2.3.7)
      macaddr (~> 1.0)
    vcr (2.9.3)
    wasabi (3.3.1)
      httpi (~> 2.0)
      nokogiri (>= 1.4.0)
    yard (0.8.7.4)

PLATFORMS
  ruby

DEPENDENCIES
  3pl_central!
  bundler (~> 1.6)
  growl
  guard-bundler (~> 1.0.0)
  guard-rspec (~> 1.1.0)
  guard-yard (~> 2.0.0)
  rake
  rb-fchange
  rb-fsevent
  rb-notifu
  rspec
  vcr
  win32console
  yard
