PATH
  remote: .
  specs:
    3pl_central (0.0.1)

GEM
  remote: https://rubygems.org/
  specs:
    coderay (1.1.0)
    ffi (1.9.6)
    formatador (0.2.5)
    growl (1.0.3)
    guard (1.8.3)
      formatador (>= 0.2.4)
      listen (~> 1.3)
      lumberjack (>= 1.0.2)
      pry (>= 0.9.10)
      thor (>= 0.14.6)
    guard-bundler (1.0.0)
      bundler (~> 1.0)
      guard (~> 1.1)
    guard-rspec (1.1.0)
      guard (>= 1.1)
    guard-yard (2.0.1)
      guard (>= 1.1.0)
      yard (>= 0.7.0)
    listen (1.3.1)
      rb-fsevent (>= 0.9.3)
      rb-inotify (>= 0.9)
      rb-kqueue (>= 0.2)
    lumberjack (1.0.9)
    method_source (0.8.2)
    pry (0.10.1)
      coderay (~> 1.1.0)
      method_source (~> 0.8.1)
      slop (~> 3.4)
    rake (10.3.2)
    rb-fsevent (0.9.4)
    rb-inotify (0.9.5)
      ffi (>= 0.5.0)
    rb-kqueue (0.2.3)
      ffi (>= 0.5.0)
    slop (3.6.0)
    thor (0.19.1)
    yard (0.8.7.4)

PLATFORMS
  ruby

DEPENDENCIES
  3pl_central!
  bundler (~> 1.6)
  growl
  guard-bundler (~> 1.0.0)
  guard-rspec (~> 1.1.0)
  guard-yard (~> 2.0.0)
  rake
  rb-fchange
  rb-fsevent
  rb-notifu
  win32console
  yard
